GEM
  specs:
    awesome_print (1.8.0)
    coderay (1.1.3)
    concurrent-ruby (1.2.2)
    i18n (1.14.1)
      concurrent-ruby (~> 1.0)
    method_source (1.0.0)
    monetize (1.4.0)
      money (~> 6.7)
    money (6.19.0)
      i18n (>= 0.6.4, <= 2)
    pry (0.14.1)
      coderay (~> 1.1)
      method_source (~> 1.0)

PLATFORMS
  x64-mingw-ucrt

DEPENDENCIES
  awesome_print (~> 1.8)
  monetize (~> 1.4)
  pry (~> 0.14.1)

RUBY VERSION
   ruby 3.2.1p31

BUNDLED WITH
   2.4.6
